GIT
  remote: git://github.com/RX14/youtrack.git
  revision: 27eca167a573b7dd60525ebd3ccbec4fed16008e
  branch: master
  specs:
    youtrack (0.0.11)
      httparty
      multipart-post

GEM
  remote: https://rubygems.org/
  specs:
    cinch (2.2.5)
    cinch-identify (1.7.0)
      cinch (~> 2.0)
    httparty (0.13.3)
      json (~> 1.8)
      multi_xml (>= 0.5.2)
    json (1.8.2)
    multi_xml (0.5.5)
    multipart-post (2.0.0)

PLATFORMS
  ruby

DEPENDENCIES
  cinch
  cinch-identify
  youtrack!
